PATH
  remote: .
  specs:
    soundex (0.1.0)
      zeitwerk

GEM
  remote: https://rubygems.org/
  specs:
    minitest (5.15.0)
    rake (12.3.3)
    zeitwerk (2.5.1)

PLATFORMS
  ruby

DEPENDENCIES
  minitest (~> 5.0)
  rake (~> 12.0)
  soundex!

BUNDLED WITH
   2.1.4
